GEM
  remote: http://rubygems.org/
  specs:
    active_support (3.0.0)
      activesupport (= 3.0.0)
    activesupport (3.0.0)
    daemons (1.1.4)
    nokogiri (1.5.0)
    redis (2.2.2)
    redis-objects (0.5.1)
      redis (>= 2.1.1)

PLATFORMS
  ruby

DEPENDENCIES
  active_support
  daemons
  nokogiri
  redis
  redis-objects
